PATH
  remote: .
  specs:
    unobtainium (0.11.1)
      collapsium (~> 0.9)
      collapsium-config (~> 0.6)
      ptools (~> 1.3)

GEM
  remote: https://rubygems.org/
  specs:
    appium_lib (9.6.1)
      awesome_print (~> 1.8)
      json (>= 1.8)
      nokogiri (~> 1.6, >= 1.6.6)
      selenium-webdriver (~> 3.4, >= 3.4.1)
      tomlrb (~> 1.1)
    archive-zip (0.7.0)
      io-like (~> 0.3.0)
    ast (2.4.0)
    awesome_print (1.8.0)
    builder (3.2.3)
    byebug (11.0.1)
    childprocess (3.0.0)
    chromedriver-helper (1.1.0)
      archive-zip (~> 0.7.0)
      nokogiri (~> 1.6)
    codeclimate-test-reporter (1.0.9)
      simplecov (<= 0.13)
    collapsium (0.9.1)
    collapsium-config (0.6.0)
      collapsium (~> 0.9)
    cucumber (2.4.0)
      builder (>= 2.1.2)
      cucumber-core (~> 1.5.0)
      cucumber-wire (~> 0.0.1)
      diff-lcs (>= 1.1.3)
      gherkin (~> 4.0)
      multi_json (>= 1.7.5, < 2.0)
      multi_test (>= 0.1.2)
    cucumber-core (1.5.0)
      gherkin (~> 4.0)
    cucumber-wire (0.0.1)
    diff-lcs (1.3)
    docile (1.1.5)
    gherkin (4.1.3)
    io-like (0.3.0)
    jaro_winkler (1.5.4)
    json (2.3.0)
    mini_portile2 (2.4.0)
    multi_json (1.12.1)
    multi_test (0.1.2)
    nokogiri (1.10.9)
      mini_portile2 (~> 2.4.0)
    parallel (1.19.1)
    parser (2.7.1.3)
      ast (~> 2.4.0)
    phantomjs (2.1.1.0)
    ptools (1.3.4)
    rainbow (3.0.0)
    rake (13.0.1)
    rexml (3.2.4)
    rspec (3.9.0)
      rspec-core (~> 3.9.0)
      rspec-expectations (~> 3.9.0)
      rspec-mocks (~> 3.9.0)
    rspec-core (3.9.2)
      rspec-support (~> 3.9.3)
    rspec-expectations (3.9.2)
      diff-lcs (>= 1.2.0, < 2.0)
      rspec-support (~> 3.9.0)
    rspec-mocks (3.9.1)
      diff-lcs (>= 1.2.0, < 2.0)
      rspec-support (~> 3.9.0)
    rspec-support (3.9.3)
    rubocop (0.81.0)
      jaro_winkler (~> 1.5.1)
      parallel (~> 1.10)
      parser (>= 2.7.0.1)
      rainbow (>= 2.2.2, < 4.0)
      rexml
      ruby-progressbar (~> 1.7)
      unicode-display_width (>= 1.4.0, < 2.0)
    ruby-progressbar (1.10.1)
    rubyzip (1.3.0)
    selenium-webdriver (3.142.7)
      childprocess (>= 0.5, < 4.0)
      rubyzip (>= 1.2.2)
    simplecov (0.13.0)
      docile (~> 1.1.0)
      json (>= 1.8, < 3)
      simplecov-html (~> 0.10.0)
    simplecov-html (0.10.2)
    tomlrb (1.2.4)
    unicode-display_width (1.7.0)
    yard (0.9.25)

PLATFORMS
  ruby
  x86_64-darwin-15

DEPENDENCIES
  appium_lib
  bundler (~> 1.15)
  byebug
  chromedriver-helper
  codeclimate-test-reporter
  cucumber
  nokogiri (~> 1.10.9)
  phantomjs
  rake (~> 13.0)
  rspec (~> 3.6)
  rubocop (~> 0.49)
  selenium-webdriver
  simplecov (~> 0.13)
  unobtainium!
  yard (~> 0.9)

BUNDLED WITH
   1.15.4