PATH
  remote: .
  specs:
    unobtainium (0.5.1)
      collapsium (~> 0.1)
      collapsium-config (~> 0.1)
      sys-proctable (~> 1.0)

GEM
  remote: https://rubygems.org/
  specs:
    appium_lib (8.0.2)
      awesome_print (~> 1.6)
      json (~> 1.8)
      nokogiri (~> 1.6.6)
      selenium-webdriver (~> 2.49)
      tomlrb (~> 1.1)
    ast (2.2.0)
    awesome_print (1.6.1)
    builder (3.2.2)
    childprocess (0.5.9)
      ffi (~> 1.0, >= 1.0.11)
    codeclimate-test-reporter (0.5.0)
      simplecov (>= 0.7.1, < 1.0.0)
    collapsium (0.1.0)
    collapsium-config (0.1.1)
      collapsium (~> 0.1)
    cucumber (2.3.3)
      builder (>= 2.1.2)
      cucumber-core (~> 1.4.0)
      cucumber-wire (~> 0.0.1)
      diff-lcs (>= 1.1.3)
      gherkin (~> 3.2.0)
      multi_json (>= 1.7.5, < 2.0)
      multi_test (>= 0.1.2)
    cucumber-core (1.4.0)
      gherkin (~> 3.2.0)
    cucumber-wire (0.0.1)
    diff-lcs (1.2.5)
    docile (1.1.5)
    ffi (1.9.10)
    gherkin (3.2.0)
    json (1.8.3)
    mini_portile2 (2.0.0)
    multi_json (1.12.0)
    multi_test (0.1.2)
    nokogiri (1.6.7.2)
      mini_portile2 (~> 2.0.0.rc2)
    parser (2.3.1.0)
      ast (~> 2.2)
    phantomjs (2.1.1.0)
    powerpack (0.1.1)
    rainbow (2.1.0)
    rake (11.1.2)
    rspec (3.4.0)
      rspec-core (~> 3.4.0)
      rspec-expectations (~> 3.4.0)
      rspec-mocks (~> 3.4.0)
    rspec-core (3.4.4)
      rspec-support (~> 3.4.0)
    rspec-expectations (3.4.0)
      diff-lcs (>= 1.2.0, < 2.0)
      rspec-support (~> 3.4.0)
    rspec-mocks (3.4.1)
      diff-lcs (>= 1.2.0, < 2.0)
      rspec-support (~> 3.4.0)
    rspec-support (3.4.1)
    rubocop (0.40.0)
      parser (>= 2.3.1.0, < 3.0)
      powerpack (~> 0.1)
      rainbow (>= 1.99.1, < 3.0)
      ruby-progressbar (~> 1.7)
      unicode-display_width (~> 1.0, >= 1.0.1)
    ruby-progressbar (1.8.0)
    rubyzip (1.2.0)
    selenium-webdriver (2.53.0)
      childprocess (~> 0.5)
      rubyzip (~> 1.0)
      websocket (~> 1.0)
    simplecov (0.11.2)
      docile (~> 1.1.0)
      json (~> 1.8)
      simplecov-html (~> 0.10.0)
    simplecov-html (0.10.0)
    sys-proctable (1.0.0)
    tomlrb (1.2.1)
    unicode-display_width (1.0.5)
    websocket (1.2.3)
    yard (0.8.7.6)

PLATFORMS
  ruby

DEPENDENCIES
  appium_lib
  bundler (~> 1.12)
  codeclimate-test-reporter
  cucumber
  phantomjs
  rake (~> 11.1)
  rspec (~> 3.4)
  rubocop (~> 0.40)
  selenium-webdriver
  simplecov (~> 0.11)
  unobtainium!
  yard (~> 0.8)

BUNDLED WITH
   1.12.3
