PATH
  remote: .
  specs:
    unobtainium (0.11.1)
      collapsium (~> 0.8)
      collapsium-config (~> 0.5)
      ptools (~> 1.3)
      sys-proctable (~> 1.1)

GEM
  remote: https://rubygems.org/
  specs:
    appium_lib (9.1.3)
      awesome_print (~> 1.6)
      json (>= 1.8)
      nokogiri (~> 1.6, >= 1.6.6)
      selenium-webdriver (~> 3.0, >= 3.0.4)
      tomlrb (~> 1.1)
    archive-zip (0.7.0)
      io-like (~> 0.3.0)
    ast (2.3.0)
    awesome_print (1.7.0)
    builder (3.2.2)
    childprocess (0.5.9)
      ffi (~> 1.0, >= 1.0.11)
    chromedriver-helper (1.0.0)
      archive-zip (~> 0.7.0)
      nokogiri (~> 1.6)
    codeclimate-test-reporter (1.0.4)
      simplecov
    collapsium (0.8.2)
    collapsium-config (0.5.0)
      collapsium (~> 0.8)
    cucumber (2.4.0)
      builder (>= 2.1.2)
      cucumber-core (~> 1.5.0)
      cucumber-wire (~> 0.0.1)
      diff-lcs (>= 1.1.3)
      gherkin (~> 4.0)
      multi_json (>= 1.7.5, < 2.0)
      multi_test (>= 0.1.2)
    cucumber-core (1.5.0)
      gherkin (~> 4.0)
    cucumber-wire (0.0.1)
    diff-lcs (1.2.5)
    docile (1.1.5)
    ffi (1.9.14)
    gherkin (4.0.0)
    io-like (0.3.0)
    json (2.0.2)
    mini_portile2 (2.1.0)
    multi_json (1.12.1)
    multi_test (0.1.2)
    nokogiri (1.7.0.1)
      mini_portile2 (~> 2.1.0)
    parser (2.3.3.1)
      ast (~> 2.2)
    phantomjs (2.1.1.0)
    powerpack (0.1.1)
    ptools (1.3.3)
    rainbow (2.2.1)
    rake (11.3.0)
    rspec (3.5.0)
      rspec-core (~> 3.5.0)
      rspec-expectations (~> 3.5.0)
      rspec-mocks (~> 3.5.0)
    rspec-core (3.5.4)
      rspec-support (~> 3.5.0)
    rspec-expectations (3.5.0)
      diff-lcs (>= 1.2.0, < 2.0)
      rspec-support (~> 3.5.0)
    rspec-mocks (3.5.0)
      diff-lcs (>= 1.2.0, < 2.0)
      rspec-support (~> 3.5.0)
    rspec-support (3.5.0)
    rubocop (0.46.0)
      parser (>= 2.3.1.1, < 3.0)
      powerpack (~> 0.1)
      rainbow (>= 1.99.1, < 3.0)
      ruby-progressbar (~> 1.7)
      unicode-display_width (~> 1.0, >= 1.0.1)
    ruby-progressbar (1.8.1)
    rubyzip (1.2.0)
    selenium-webdriver (3.0.5)
      childprocess (~> 0.5)
      rubyzip (~> 1.0)
      websocket (~> 1.0)
    simplecov (0.12.0)
      docile (~> 1.1.0)
      json (>= 1.8, < 3)
      simplecov-html (~> 0.10.0)
    simplecov-html (0.10.0)
    sys-proctable (1.1.3)
    tomlrb (1.2.3)
    unicode-display_width (1.1.2)
    websocket (1.2.3)
    yard (0.9.6)

PLATFORMS
  ruby

DEPENDENCIES
  appium_lib (>= 9.1)
  bundler (~> 1.13)
  chromedriver-helper
  codeclimate-test-reporter
  cucumber
  phantomjs
  rake (~> 11.3)
  rspec (~> 3.5)
  rubocop (~> 0.46)
  selenium-webdriver
  simplecov (~> 0.12)
  unobtainium!
  yard (~> 0.9)

BUNDLED WITH
   1.13.6
